GIT
  remote: git://github.com/ahawkins/jekyll.git
  revision: 16e53d570080eec3576b86f7216843995191385d
  branch: red-carpet-2
  specs:
    jekyll (0.11.2)
      classifier (~> 1.3)
      directory_watcher (~> 1.1)
      kramdown (~> 0.13.4)
      liquid (~> 2.3)
      maruku (~> 0.5)
      pygments.rb (~> 0.2.12)

GEM
  remote: https://rubygems.org/
  specs:
    RedCloth (4.2.9)
    blankslate (3.1.2)
    classifier (1.3.3)
      fast-stemmer (>= 1.0.0)
    daemons (1.1.9)
    directory_watcher (1.5.1)
    eventmachine (1.0.3)
    fast-stemmer (1.0.2)
    ffi (1.0.11)
    iconv (1.0.3)
    kramdown (0.13.8)
    liquid (2.5.3)
    maruku (0.7.0)
    pygments.rb (0.2.13)
      rubypython (~> 0.5.3)
    rack (1.5.2)
    redcarpet (2.1.1)
    rubypython (0.5.3)
      blankslate (>= 2.1.2.3)
      ffi (~> 1.0.7)
    thin (1.5.1)
      daemons (>= 1.0.9)
      eventmachine (>= 0.12.6)
      rack (>= 1.0.0)

PLATFORMS
  ruby

DEPENDENCIES
  RedCloth
  iconv
  jekyll!
  redcarpet
  thin

RUBY VERSION
   ruby 2.1.10p492

BUNDLED WITH
   1.17.3
